GEM
  remote: https://rubygems.org/
  specs:
    colorize (1.1.0)
    murmurhash3 (0.1.7)

PLATFORMS
  arm64-darwin-22

DEPENDENCIES
  colorize
  murmurhash3

BUNDLED WITH
   2.4.10
